GIT
  remote: git://github.com/windix/Viewpoint.git
  revision: 449ae51b7db00beeb48521bfc265ad2d5223015c
  specs:
    viewpoint (0.9.0)
      httpclient
      logging
      nokogiri
      rubyntlm

GIT
  remote: git://github.com/windix/ruby-prowl.git
  revision: e8527476cace08db76d9c83bc45e409844771ccf
  specs:
    prowl (0.1.3)

GEM
  remote: http://rubygems.org/
  specs:
    httpclient (2.3.1)
    little-plugger (1.1.3)
    logging (1.8.1)
      little-plugger (>= 1.1.3)
      multi_json (>= 1.3.6)
    macaddr (1.6.1)
      systemu (~> 2.5.0)
    multi_json (1.5.0)
    nokogiri (1.5.6)
    ruby-growl (4.0)
      uuid (~> 2.3, >= 2.3.5)
    rubyntlm (0.1.1)
    systemu (2.5.2)
    tzinfo (0.3.35)
    uuid (2.3.6)
      macaddr (~> 1.0)

PLATFORMS
  ruby

DEPENDENCIES
  prowl!
  ruby-growl
  tzinfo
  viewpoint!
